GEM
  remote: https://rubygems.org/
  specs:
    yard (0.9.37)

PLATFORMS
  ruby
  x86_64-linux

DEPENDENCIES
  yard (~> 0.9)

BUNDLED WITH
   2.6.8
