PATH
  remote: .
  specs:
    eskimo (2.1.0)
      pastel (~> 0.7)
      strings (~> 0.1)
      tty-screen (~> 0.6)

GEM
  remote: https://rubygems.org/
  specs:
    diff-lcs (1.3)
    docile (1.3.1)
    equatable (0.5.0)
    json (2.1.0)
    pastel (0.7.2)
      equatable (~> 0.5.0)
      tty-color (~> 0.4.0)
    rspec (3.8.0)
      rspec-core (~> 3.8.0)
      rspec-expectations (~> 3.8.0)
      rspec-mocks (~> 3.8.0)
    rspec-core (3.8.0)
      rspec-support (~> 3.8.0)
    rspec-expectations (3.8.2)
      diff-lcs (>= 1.2.0, < 2.0)
      rspec-support (~> 3.8.0)
    rspec-mocks (3.8.0)
      diff-lcs (>= 1.2.0, < 2.0)
      rspec-support (~> 3.8.0)
    rspec-support (3.8.0)
    simplecov (0.16.1)
      docile (~> 1.1)
      json (>= 1.8, < 3)
      simplecov-html (~> 0.10.0)
    simplecov-html (0.10.2)
    strings (0.1.4)
      strings-ansi (~> 0.1.0)
      unicode-display_width (~> 1.4.0)
      unicode_utils (~> 1.4.0)
    strings-ansi (0.1.0)
    tty-color (0.4.3)
    tty-screen (0.6.5)
    unicode-display_width (1.4.1)
    unicode_utils (1.4.0)
    yard (0.9.15)

PLATFORMS
  ruby

DEPENDENCIES
  eskimo!
  rspec (~> 3.8)
  simplecov (~> 0.16)
  yard

BUNDLED WITH
   1.17.3
