GEM
  remote: https://rubygems.org/
  specs:
    yard (0.9.15)

PLATFORMS
  ruby

DEPENDENCIES
  yard (~> 0.9)

BUNDLED WITH
   1.17.3
